GEM
  remote: https://rubygems.org/
  specs:
    plist (3.5.0)
    sqlite3 (1.4.1)
    webloc (0.0.1)
      plist

PLATFORMS
  ruby

DEPENDENCIES
  sqlite3 (~> 1.4, >= 1.4.1)
  webloc (~> 0.0.1)

RUBY VERSION
   ruby 2.6.5p114

BUNDLED WITH
   2.0.2
